PATH
  remote: .
  specs:
    rukshanuddin (0.10.1)

GEM
  remote: https://rubygems.org/
  specs:
    coderay (1.1.2)
    colorize (0.8.1)
    method_source (0.9.2)
    mini_portile2 (2.4.0)
    nokogiri (1.13.9)
      mini_portile2 (~> 2.4.0)
    pry (0.12.2)
      coderay (~> 1.1.0)
      method_source (~> 0.9.0)

PLATFORMS
  ruby

DEPENDENCIES
  bundler (~> 2.0)
  colorize
  nokogiri
  pry
  rukshanuddin!

BUNDLED WITH
   2.2.19
